GEM
  remote: https://rubygems.org/
  specs:
    bson (3.2.4)
    bson_ext (1.5.1)
    childprocess (0.5.6)
      ffi (~> 1.0, >= 1.0.11)
    ffi (1.9.10)
    json (1.8.3)
    mini_portile (0.6.2)
    mongo (2.1.1)
      bson (~> 3.0)
    multi_json (1.11.2)
    nokogiri (1.6.6.2)
      mini_portile (~> 0.6.0)
    puma (2.14.0)
    rack (1.5.2)
    rack-protection (1.5.3)
      rack
    ruby-ole (1.2.11.8)
    rubyzip (1.1.7)
    selenium-webdriver (2.47.1)
      childprocess (~> 0.5)
      multi_json (~> 1.0)
      rubyzip (~> 1.0)
      websocket (~> 1.0)
    sinatra (1.4.6)
      rack (~> 1.4)
      rack-protection (~> 1.4)
      tilt (>= 1.3, < 3)
    sinatra-cross_origin (0.3.2)
    spreadsheet (1.0.7)
      ruby-ole (>= 1.0)
    tilt (2.0.1)
    websocket (1.2.2)
    words_counted (0.1.5)

PLATFORMS
  ruby

DEPENDENCIES
  bson_ext
  json
  mongo (~> 2.1)
  nokogiri
  puma
  rack (= 1.5.2)
  selenium-webdriver
  sinatra
  sinatra-cross_origin
  spreadsheet
  words_counted

BUNDLED WITH
   1.10.6
