GEM
  remote: https://rubygems.org/
  specs:
    childprocess (0.5.6)
      ffi (~> 1.0, >= 1.0.11)
    ffi (1.9.10)
    json (1.8.3)
    mini_portile (0.6.2)
    multi_json (1.11.2)
    nokogiri (1.6.6.2)
      mini_portile (~> 0.6.0)
    puma (2.13.4)
    rack (1.5.2)
    rack-protection (1.5.3)
      rack
    ruby-ole (1.2.11.8)
    rubyzip (1.1.7)
    selenium-webdriver (2.46.2)
      childprocess (~> 0.5)
      multi_json (~> 1.0)
      rubyzip (~> 1.0)
      websocket (~> 1.0)
    sinatra (1.4.6)
      rack (~> 1.4)
      rack-protection (~> 1.4)
      tilt (>= 1.3, < 3)
    spreadsheet (1.0.4)
      ruby-ole (>= 1.0)
    tilt (2.0.1)
    websocket (1.2.2)

PLATFORMS
  ruby

DEPENDENCIES
  json
  nokogiri
  puma
  rack (= 1.5.2)
  selenium-webdriver
  sinatra
  spreadsheet

BUNDLED WITH
   1.10.6
